GEM
  remote: https://rubygems.org/
  specs:
    ffi (1.9.25)
    mini_portile2 (2.3.0)
    natto (1.1.1)
      ffi (>= 1.9.0)
    nokogiri (1.8.4)
      mini_portile2 (~> 2.3.0)

PLATFORMS
  ruby

DEPENDENCIES
  natto
  nokogiri

BUNDLED WITH
   1.16.4
